GIT
  remote: git://github.com/floehopper/mocha.git
  revision: d1d297ada426f9e77b2d48f50a9b9f0e7a81c5d2
  specs:
    mocha (0.10.0)
      metaclass (~> 0.0.1)

GIT
  remote: https://github.com/jnicklas/xpath
  revision: 754b81049130795617ea498559445fc128488991
  specs:
    xpath (0.1.4)
      nokogiri (~> 1.3)

GEM
  remote: http://rubygems.org/
  specs:
    POpen4 (0.1.4)
      Platform (>= 0.4.0)
      open4
    Platform (0.4.0)
    RedCloth (4.2.7)
    SystemTimer (1.2.3)
    ZenTest (4.6.2)
    abstract (1.0.0)
    actionmailer (3.0.10)
      actionpack (= 3.0.10)
      mail (~> 2.2.19)
    actionmailer-with-request (0.3.0)
      rails (>= 3)
    actionpack (3.0.10)
      activemodel (= 3.0.10)
      activesupport (= 3.0.10)
      builder (~> 2.1.2)
      erubis (~> 2.6.6)
      i18n (~> 0.5.0)
      rack (~> 1.2.1)
      rack-mount (~> 0.6.14)
      rack-test (~> 0.5.7)
      tzinfo (~> 0.3.23)
    activemodel (3.0.10)
      activesupport (= 3.0.10)
      builder (~> 2.1.2)
      i18n (~> 0.5.0)
    activerecord (3.0.10)
      activemodel (= 3.0.10)
      activesupport (= 3.0.10)
      arel (~> 2.0.10)
      tzinfo (~> 0.3.23)
    activeresource (3.0.10)
      activemodel (= 3.0.10)
      activesupport (= 3.0.10)
    activesupport (3.0.10)
    archive-tar-minitar (0.5.2)
    arel (2.0.10)
    autotest (4.4.6)
      ZenTest (>= 4.4.1)
    bcrypt-ruby (2.1.4)
    bson (1.4.0)
    bson_ext (1.3.1)
    builder (2.1.2)
    capybara (1.1.1)
      mime-types (>= 1.16)
      nokogiri (>= 1.3.3)
      rack (>= 1.0.0)
      rack-test (>= 0.5.4)
      selenium-webdriver (~> 2.0)
      xpath (~> 0.1.4)
    childprocess (0.2.2)
      ffi (~> 1.0.6)
    columnize (0.3.4)
    configuration (1.2.0)
    cucumber (0.8.5)
      builder (~> 2.1.2)
      diff-lcs (~> 1.1.2)
      gherkin (~> 2.1.4)
      json_pure (~> 1.4.3)
      term-ansicolor (~> 1.0.4)
    cucumber-rails (0.3.2)
      cucumber (>= 0.8.0)
    custom_fields (1.0.0.beta.15)
      activesupport (>= 3.0.7)
      locomotive_carrierwave
      mongoid (= 2.0.2)
    daemons (1.1.4)
    database_cleaner (0.6.7)
    delayed_job (2.1.4)
      activesupport (~> 3.0)
      daemons
    delayed_job_mongoid (1.0.2)
      delayed_job (~> 2.1.1)
      mongoid (~> 2.0.0.rc)
    devise (1.1.3)
      bcrypt-ruby (~> 2.1.2)
      warden (~> 0.10.7)
    diff-lcs (1.1.3)
    dragonfly (0.9.8)
      rack
    erubis (2.6.6)
      abstract (>= 1.0.0)
    excon (0.6.6)
    factory_girl (2.1.2)
      activesupport
    factory_girl_rails (1.2.0)
      factory_girl (~> 2.1.0)
      railties (>= 3.0.0)
    ffi (1.0.9)
    fog (0.11.0)
      builder
      excon (~> 0.6.5)
      formatador (~> 0.2.0)
      mime-types
      multi_json (~> 1.0.3)
      net-scp (~> 1.0.4)
      net-ssh (~> 2.1.4)
      nokogiri (~> 1.5.0)
      ruby-hmac
    formatador (0.2.1)
    formtastic (1.2.4)
      actionpack (>= 2.3.7)
      activesupport (>= 2.3.7)
      i18n (~> 0.4)
    gherkin (2.1.5)
      trollop (~> 1.16.2)
    growl-glue (1.0.7)
    haml (3.0.25)
    has_scope (0.5.1)
    heroku (1.19.1)
      activesupport (>= 2.1.0)
      launchy (~> 0.3.2)
      rest-client (>= 1.4.0, < 1.7.0)
    httparty (0.8.0)
      multi_json
      multi_xml
    i18n (0.5.0)
    inherited_resources (1.1.2)
      has_scope (~> 0.5.0)
      responders (~> 0.6.0)
    jammit (0.6.3)
      yui-compressor (>= 0.9.3)
    json_pure (1.4.6)
    kgio (2.6.0)
    launchy (0.3.7)
      configuration (>= 0.0.5)
      rake (>= 0.8.1)
    linecache (0.46)
      rbx-require-relative (> 0.0.4)
    linecache19 (0.5.12)
      ruby_core_source (>= 0.1.4)
    locomotive_carrierwave (0.5.0.1.beta3)
      activesupport (~> 3.0)
    locomotive_jammit-s3 (0.5.4.4)
      jammit (>= 0.5.4)
      mimemagic (>= 0.1.7)
      s3 (>= 0.3.7)
    locomotive_liquid (2.2.2)
    locomotive_mongoid_acts_as_tree (0.1.5.7)
      mongoid (= 2.0.2)
    mail (2.2.19)
      activesupport (>= 2.3.6)
      i18n (>= 0.4.0)
      mime-types (~> 1.16)
      treetop (~> 1.4.8)
    metaclass (0.0.1)
    mime-types (1.16)
    mimemagic (0.1.8)
    mimetype-fu (0.1.2)
    mongo (1.4.0)
      bson (= 1.4.0)
    mongoid (2.0.2)
      activemodel (~> 3.0)
      mongo (~> 1.3)
      tzinfo (~> 0.3.22)
    multi_json (1.0.3)
    multi_xml (0.4.1)
    net-scp (1.0.4)
      net-ssh (>= 1.99.1)
    net-ssh (2.1.4)
    nokogiri (1.5.0)
    open4 (1.1.0)
    pickle (0.4.10)
      cucumber (>= 0.8)
      rake
    polyglot (0.3.2)
    proxies (0.2.1)
    rack (1.2.4)
    rack-cache (1.1)
      rack (>= 0.4)
    rack-mount (0.6.14)
      rack (>= 1.0.0)
    rack-test (0.5.7)
      rack (>= 1.0)
    rails (3.0.10)
      actionmailer (= 3.0.10)
      actionpack (= 3.0.10)
      activerecord (= 3.0.10)
      activeresource (= 3.0.10)
      activesupport (= 3.0.10)
      bundler (~> 1.0)
      railties (= 3.0.10)
    railties (3.0.10)
      actionpack (= 3.0.10)
      activesupport (= 3.0.10)
      rake (>= 0.8.7)
      rdoc (~> 3.4)
      thor (~> 0.14.4)
    raindrops (0.7.0)
    rake (0.8.7)
    rbx-require-relative (0.0.5)
    rdoc (3.9.4)
    responders (0.6.4)
    rest-client (1.6.7)
      mime-types (>= 1.16)
    rmagick (2.12.2)
    rspec (2.3.0)
      rspec-core (~> 2.3.0)
      rspec-expectations (~> 2.3.0)
      rspec-mocks (~> 2.3.0)
    rspec-core (2.3.1)
    rspec-expectations (2.3.0)
      diff-lcs (~> 1.1.2)
    rspec-mocks (2.3.0)
    rspec-rails (2.3.1)
      actionpack (~> 3.0)
      activesupport (~> 3.0)
      railties (~> 3.0)
      rspec (~> 2.3.0)
    ruby-debug (0.10.4)
      columnize (>= 0.1)
      ruby-debug-base (~> 0.10.4.0)
    ruby-debug-base (0.10.4)
      linecache (>= 0.3)
    ruby-debug-base19 (0.11.25)
      columnize (>= 0.3.1)
      linecache19 (>= 0.5.11)
      ruby_core_source (>= 0.1.4)
    ruby-debug19 (0.11.6)
      columnize (>= 0.3.1)
      linecache19 (>= 0.5.11)
      ruby-debug-base19 (>= 0.11.19)
    ruby-hmac (0.4.0)
    ruby_core_source (0.1.5)
      archive-tar-minitar (>= 0.5.2)
    rubyzip (0.9.4)
    s3 (0.3.8)
      proxies (~> 0.2.0)
    selenium-webdriver (2.7.0)
      childprocess (>= 0.2.1)
      ffi (>= 1.0.7)
      json_pure
      rubyzip
    spork (0.8.5)
    term-ansicolor (1.0.6)
    thor (0.14.6)
    treetop (1.4.10)
      polyglot
      polyglot (>= 0.3.1)
    trollop (1.16.2)
    tzinfo (0.3.30)
    unicorn (4.1.1)
      kgio (~> 2.4)
      rack
      raindrops (~> 0.6)
    warden (0.10.7)
      rack (>= 1.0.0)
    will_paginate (3.0.2)
    yui-compressor (0.9.6)
      POpen4 (>= 0.1.4)

PLATFORMS
  ruby

DEPENDENCIES
  RedCloth (= 4.2.7)
  SystemTimer
  ZenTest
  actionmailer-with-request
  autotest
  bson_ext (~> 1.3.0)
  capybara
  cucumber (= 0.8.5)
  cucumber-rails
  custom_fields (= 1.0.0.beta.15)
  database_cleaner
  delayed_job (= 2.1.4)
  delayed_job_mongoid (= 1.0.2)
  devise (= 1.1.3)
  dragonfly (~> 0.9.1)
  factory_girl_rails
  fog (= 0.11.0)
  formtastic (~> 1.2.3)
  growl-glue
  haml (= 3.0.25)
  heroku (= 1.19.1)
  httparty (>= 0.6.1)
  inherited_resources (~> 1.1.2)
  launchy
  locomotive_carrierwave (= 0.5.0.1.beta3)
  locomotive_jammit-s3
  locomotive_liquid (= 2.2.2)
  locomotive_mongoid_acts_as_tree (= 0.1.5.7)
  mimetype-fu
  mocha!
  mongoid (~> 2.0.2)
  pickle
  rack-cache
  rails (>= 3.0.7)
  rake (= 0.8.7)
  rmagick (= 2.12.2)
  rspec-rails (= 2.3.1)
  ruby-debug
  ruby-debug19
  rubyzip
  spork
  unicorn
  warden
  will_paginate
  xpath!
